GEM
  remote: https://rubygems.org/
  specs:
    curses (1.0.1)
    rake (10.3.1)
    yard (0.8.7.4)

PLATFORMS
  ruby

DEPENDENCIES
  curses
  rake
  yard
